PATH
  remote: .
  specs:
    sunspot_matchers (2.0.0.5)

GEM
  remote: https://rubygems.org/
  specs:
    builder (3.2.0)
    diff-lcs (1.1.2)
    pr_geohash (1.0.0)
    rake (0.8.7)
    rsolr (1.0.9)
      builder (>= 2.1.2)
    rspec (2.4.0)
      rspec-core (~> 2.4.0)
      rspec-expectations (~> 2.4.0)
      rspec-mocks (~> 2.4.0)
    rspec-core (2.4.0)
    rspec-expectations (2.4.0)
      diff-lcs (~> 1.1.2)
    rspec-mocks (2.4.0)
    sunspot (2.0.0)
      pr_geohash (~> 1.0)
      rsolr (~> 1.0.7)

PLATFORMS
  ruby

DEPENDENCIES
  bundler (>= 1.0.0)
  rake
  rspec (~> 2.4.0)
  sunspot (~> 2.0.0)
  sunspot_matchers!
